GIT
  remote: git://github.com/judofyr/temple.git
  revision: 689149370c79120fa98941d408d0219452275f9d
  branch: master
  specs:
    temple (0.6.8)

GIT
  remote: git://github.com/slim-template/slim.git
  revision: f2cdb1ddd757db3e4d849959424011579a53d285
  branch: master
  specs:
    slim (2.0.3)
      temple (~> 0.6.6)
      tilt (>= 1.3.3, < 2.1)

GEM
  remote: https://rubygems.org/
  specs:
    kramdown (1.4.1)
    moneta (0.8.0)
    rack (1.5.2)
    rack-protection (1.5.3)
      rack
    sinatra (1.4.5)
      rack (~> 1.4)
      rack-protection (~> 1.4)
      tilt (~> 1.3, >= 1.3.4)
    tilt (1.4.1)

PLATFORMS
  ruby

DEPENDENCIES
  kramdown
  moneta
  sinatra (~> 1.4.5)
  slim!
  temple!
